NUGET
  remote: https://www.nuget.org/api/v2
    FAKE (4.37.2)
    NUnit (3.4.1) - framework: >= net20
    NUnit3TestAdapter (3.4) - framework: >= net20
    xunit (1.9.1) - framework: >= net20
    xunit.extensions (1.9.1) - framework: >= net20
      xunit (1.9.1)
    xunit.runner.visualstudio (2.1) - framework: >= net20
