NUGET
  remote: https://www.nuget.org/api/v2
    FAKE (4.37.2)
    FsCheck (2.5) - framework: >= net45
      FSharp.Core (>= 3.1.2.5)
    FsCheck.Xunit (2.5) - framework: >= net45
      FsCheck (>= 2.5)
      xunit.extensibility.execution (>= 2.1 < 3.0)
    FSharp.Core (3.1.2.5) - framework: >= net45
    FsUnit (1.4.1) - framework: >= net45
      FSharp.Core (>= 3.1.2.5)
      NUnit (2.6.4)
    NUnit (2.6.4) - framework: >= net45
    NUnit.ApplicationDomain (5.0.1) - framework: >= net45
      NUnit (>= 2.6.3) - framework: >= net40
    NUnitTestAdapter (2.0) - framework: >= net45
    xunit (2.1) - framework: >= net45
      xunit.assert (2.1)
      xunit.core (2.1)
    xunit.abstractions (2.0) - framework: >= net45
    xunit.assert (2.1) - framework: >= net45
    xunit.core (2.1) - framework: >= net45
      xunit.extensibility.core (2.1) - framework: >= net45, dnx451, dnxcore50, monoandroid, monotouch, portable-net45+win80+wp80+wpa81, xamarinios, winv4.5, wpv8.0, wpav8.1
      xunit.extensibility.execution (2.1) - framework: >= net45, dnx451, dnxcore50, monoandroid, monotouch, portable-net45+win80+wp80+wpa81, xamarinios, winv4.5, wpv8.0, wpav8.1
    xunit.extensibility.core (2.1) - framework: >= net45
      xunit.abstractions (2.0)
    xunit.extensibility.execution (2.1) - framework: >= net45
      xunit.extensibility.core (2.1) - framework: >= net45, dnx451, dnxcore50, monoandroid, monotouch, xamarinios, winv4.5, wpv8.0, wpav8.1
    xunit.runner.visualstudio (2.1) - framework: >= net45
