NUGET
  remote: https://www.nuget.org/api/v2
    FAKE (4.37.2)
    NUnit (2.6.3) - framework: >= net40
    NUnitTestAdapter (2.0) - framework: >= net40
    xunit (1.9.2) - framework: >= net40
    xunit.runner.visualstudio (2.1) - framework: >= net40
